GIT
  remote: git://github.com/foxnewsnetwork/jeweler.git
  revision: f05c62e168cfc29bd82cebe06df8fd11e1ef09ee
  branch: ruby-2.0.0-ifying
  specs:
    jeweler (1.8.4)
      bundler (~> 1.3.0.pre)
      git (>= 1.2.5)
      rake
      rdoc

GEM
  remote: https://rubygems.org/
  specs:
    activesupport (3.2.13)
      i18n (= 0.6.1)
      multi_json (~> 1.0)
    commander (4.1.3)
      highline (~> 1.6.11)
    diff-lcs (1.2.4)
    git (1.2.5)
    grocer (0.3.4)
    highline (1.6.18)
    i18n (0.6.1)
    json (1.7.7)
    json (1.7.7-java)
    multi_json (1.7.2)
    rack (1.5.2)
    rack-test (0.6.2)
      rack (>= 1.0)
    rake (10.0.4)
    rdoc (4.0.1)
      json (~> 1.4)
    rspec (2.13.0)
      rspec-core (~> 2.13.0)
      rspec-expectations (~> 2.13.0)
      rspec-mocks (~> 2.13.0)
    rspec-core (2.13.1)
    rspec-expectations (2.13.0)
      diff-lcs (>= 1.1.3, < 2.0)
    rspec-mocks (2.13.1)
    rubyzip (0.9.9)
    simplecov (0.7.1)
      multi_json (~> 1.0)
      simplecov-html (~> 0.7.1)
    simplecov-html (0.7.1)
    terminal-table (1.4.5)
    yard (0.8.6.1)

PLATFORMS
  java
  ruby

DEPENDENCIES
  activesupport
  commander
  grocer
  jeweler!
  rack-test
  rake
  rspec
  rubyzip
  simplecov
  terminal-table
  yard
